GEM
  remote: https://rubygems.org/
  specs:
    cinch (2.3.2)
    pokemon-go-status (0.0.7)

PLATFORMS
  ruby

DEPENDENCIES
  cinch
  pokemon-go-status

BUNDLED WITH
   1.13.0.rc.1
